GEM
  remote: https://rubygems.org/
  specs:
    awesome_print (1.6.1)
    coderay (1.1.1)
    colorize (0.7.7)
    curses (1.0.2)
    diffy (3.1.0)
    filewatcher (0.5.3)
      trollop (~> 2.0)
    method_source (0.8.2)
    pry (0.10.3)
      coderay (~> 1.1.0)
      method_source (~> 0.8.1)
      slop (~> 3.4)
    slop (3.6.0)
    titleize (1.4.0)
    trollop (2.1.2)

PLATFORMS
  ruby

DEPENDENCIES
  awesome_print
  colorize
  curses
  diffy
  filewatcher
  pry
  titleize

BUNDLED WITH
   1.12.3
